PATH
  remote: .
  specs:
    abstract_auth (0.0.1)

GEM
  remote: http://rubygems.org/
  specs:

PLATFORMS
  ruby

DEPENDENCIES
  abstract_auth!
